GEM
  remote: https://rubygems.org/
  specs:
    activesupport (4.0.3)
      i18n (~> 0.6, >= 0.6.4)
      minitest (~> 4.2)
      multi_json (~> 1.3)
      thread_safe (~> 0.1)
      tzinfo (~> 0.3.37)
    atomic (1.1.15)
    i18n (0.6.9)
    minitest (4.7.5)
    multi_json (1.9.0)
    numbers_and_words (0.10.0)
      activesupport
      i18n
    pdf-core (0.1.6)
    prawn (0.15.0)
      pdf-core (~> 0.1.3)
      ttfunk (~> 1.1.0)
    thread_safe (0.2.0)
      atomic (>= 1.1.7, < 2)
    ttfunk (1.1.1)
    tzinfo (0.3.39)

PLATFORMS
  ruby

DEPENDENCIES
  activesupport
  numbers_and_words
  prawn
